GEM
  remote: https://rubygems.org/
  specs:
    activemodel (4.1.1)
      activesupport (= 4.1.1)
      builder (~> 3.1)
    activerecord (4.1.1)
      activemodel (= 4.1.1)
      activesupport (= 4.1.1)
      arel (~> 5.0.0)
    activesupport (4.1.1)
      i18n (~> 0.6, >= 0.6.9)
      json (~> 1.7, >= 1.7.7)
      minitest (~> 5.1)
      thread_safe (~> 0.1)
      tzinfo (~> 1.1)
    arel (5.0.1.20140414130214)
    builder (3.2.2)
    chronic (0.10.2)
    httparty (0.13.1)
      json (~> 1.8)
      multi_xml (>= 0.5.2)
    i18n (0.6.9)
    json (1.8.1)
    minitest (5.3.4)
    multi_xml (0.5.5)
    mysql (2.9.1)
    rack (1.5.2)
    rack-protection (1.5.3)
      rack
    shotgun (0.9)
      rack (>= 1.0)
    sinatra (1.4.5)
      rack (~> 1.4)
      rack-protection (~> 1.4)
      tilt (~> 1.3, >= 1.3.4)
    sinatra-activerecord (2.0.2)
      activerecord (>= 3.2)
      sinatra (~> 1.0)
    thread_safe (0.3.4)
    tilt (1.4.1)
    tzinfo (1.2.1)
      thread_safe (~> 0.1)
    whenever (0.9.2)
      activesupport (>= 2.3.4)
      chronic (>= 0.6.3)

PLATFORMS
  ruby

DEPENDENCIES
  httparty
  mysql
  shotgun
  sinatra
  sinatra-activerecord
  whenever
